GEM
  remote: https://gems.shopify.com/
  specs:
    bourbon (4.0.2)
      sass (~> 3.3)
      thor
    sass (3.3.8)
    thor (0.19.1)

PLATFORMS
  ruby

DEPENDENCIES
  bourbon
